NUGET
  remote: https://www.nuget.org/api/v2
    FAKE (4.41.8)
